GEM
  remote: https://rubygems.org/
  specs:
    dotenv (2.7.5)
    geocoder (1.6.3)
    multi_json (1.14.1)
    mustermann (2.0.2)
      ruby2_keywords (~> 0.0.1)
    rack (2.2.4)
    rack-protection (2.2.3)
      rack
    ruby2_keywords (0.0.5)
    sinatra (2.2.3)
      mustermann (~> 2.0)
      rack (~> 2.2)
      rack-protection (= 2.2.3)
      tilt (~> 2.0)
    sinatra-contrib (2.2.3)
      multi_json
      mustermann (~> 2.0)
      rack-protection (= 2.2.3)
      sinatra (= 2.2.3)
      tilt (~> 2.0)
    sinatra-param (1.6.0)
      sinatra (>= 1.3)
    tilt (2.0.11)
    weatherb (0.1.3)

PLATFORMS
  ruby

DEPENDENCIES
  dotenv (~> 2.7)
  geocoder (~> 1.6)
  sinatra (~> 2.2)
  sinatra-contrib (~> 2.0)
  sinatra-param (~> 1.6)
  weatherb (~> 0.1)

BUNDLED WITH
   2.1.4
